GEM
  remote: http://rubygems.org/
  specs:
    ffi (1.0.11)
    guard (0.8.8)
      thor (~> 0.14.6)
    guard-bundler (0.1.3)
      bundler (>= 1.0.0)
      guard (>= 0.2.2)
    guard-pow (0.2.1)
      guard (>= 0.3.0)
    haml (3.1.2)
    rack (1.3.0)
    rb-fsevent (0.4.3.1)
    rb-inotify (0.8.8)
      ffi (>= 0.5.0)
    sass (3.1.3)
    sinatra (1.2.6)
      rack (~> 1.1)
      tilt (>= 1.2.2, < 2.0)
    thor (0.14.6)
    tilt (1.3.2)

PLATFORMS
  ruby

DEPENDENCIES
  guard
  guard-bundler
  guard-pow
  haml
  rb-fsevent
  rb-inotify
  sass
  sinatra
